GIT
  remote: git://github.com/rubemz/sprockets.git
  revision: 62c29a5f2fc79ec3f6806f69d439a48033bbd4c2
  branch: fix/2.11-file-write
  specs:
    sprockets (2.11.0)
      hike (~> 1.2)
      multi_json (~> 1.0)
      rack (~> 1.0)
      tilt (~> 1.1, != 1.3.0)

GEM
  remote: https://rubygems.org/
  specs:
    activesupport (4.0.4)
      i18n (~> 0.6, >= 0.6.9)
      minitest (~> 4.2)
      multi_json (~> 1.3)
      thread_safe (~> 0.1)
      tzinfo (~> 0.3.37)
    atomic (1.1.16)
    hike (1.2.3)
    i18n (0.6.9)
    minitest (4.7.5)
    multi_json (1.9.2)
    parallel (1.0.0)
    rack (1.5.2)
    thread_safe (0.3.1)
      atomic (>= 1.1.7, < 2)
    tilt (1.4.1)
    tzinfo (0.3.39)

PLATFORMS
  ruby

DEPENDENCIES
  activesupport
  parallel
  sprockets!
